GEM
  remote: https://rubygems.org/
  specs:
    sass (3.4.7)
    sass-css-importer (1.0.0.beta.0)
      sass (>= 3.1)
    sass-globbing (1.1.1)
      sass (>= 3.1)

PLATFORMS
  ruby

DEPENDENCIES
  sass (~> 3.4.7)
  sass-css-importer (~> 1.0.0.beta.0)
  sass-globbing (~> 1.1.1)
